PATH
  remote: .
  specs:
    cfoundry_helper (0.2.2)
      activesupport
      cfoundry

GEM
  remote: https://rubygems.org/
  specs:
    activemodel (4.0.0)
      activesupport (= 4.0.0)
      builder (~> 3.1.0)
    activesupport (4.0.0)
      i18n (~> 0.6, >= 0.6.4)
      minitest (~> 4.2)
      multi_json (~> 1.3)
      thread_safe (~> 0.1)
      tzinfo (~> 0.3.37)
    atomic (1.1.13)
    builder (3.1.4)
    cf-uaa-lib (2.0.0)
      multi_json
    cfoundry (4.3.8)
      activemodel (>= 3.2.13, < 5.0.0)
      cf-uaa-lib (~> 2.0.0)
      multi_json (~> 1.7)
      multipart-post (~> 1.1)
      rubyzip (~> 0.9)
    coderay (1.0.9)
    columnize (0.3.6)
    daemons (1.1.9)
    debugger (1.6.1)
      columnize (>= 0.3.1)
      debugger-linecache (~> 1.2.0)
      debugger-ruby_core_source (~> 1.2.3)
    debugger-linecache (1.2.0)
    debugger-ruby_core_source (1.2.3)
    diff-lcs (1.2.4)
    eventmachine (0.12.10)
    httpclient (2.3.4.1)
    i18n (0.6.5)
    json_pure (1.8.0)
    method_source (0.8.2)
    minitest (4.7.5)
    multi_json (1.7.9)
    multipart-post (1.2.0)
    nats (0.4.28)
      daemons (>= 1.1.5)
      eventmachine (= 0.12.10)
      json_pure (>= 1.7.3)
      thin (>= 1.4.1)
    pry (0.9.12.2)
      coderay (~> 1.0.5)
      method_source (~> 0.8)
      slop (~> 3.4)
    pry-debugger (0.2.2)
      debugger (~> 1.3)
      pry (~> 0.9.10)
    rack (1.5.2)
    rake (10.1.0)
    rspec (2.14.1)
      rspec-core (~> 2.14.0)
      rspec-expectations (~> 2.14.0)
      rspec-mocks (~> 2.14.0)
    rspec-core (2.14.5)
    rspec-expectations (2.14.2)
      diff-lcs (>= 1.1.3, < 2.0)
    rspec-mocks (2.14.3)
    rubyzip (0.9.9)
    slop (3.4.6)
    thin (1.5.1)
      daemons (>= 1.0.9)
      eventmachine (>= 0.12.6)
      rack (>= 1.0.0)
    thread_safe (0.1.2)
      atomic
    tzinfo (0.3.37)
    yajl-ruby (1.1.0)

PLATFORMS
  ruby

DEPENDENCIES
  activesupport
  bundler (~> 1.3)
  cf-uaa-lib
  cfoundry_helper!
  httpclient
  nats
  pry
  pry-debugger
  rake
  rspec
  yajl-ruby
